PATH
  remote: .
  specs:
    symmetric-encryption (3.8.1)
      coercible (~> 1.0)

GEM
  remote: https://rubygems.org/
  specs:
    activemodel (4.2.4)
      activesupport (= 4.2.4)
      builder (~> 3.1)
    activerecord (4.2.4)
      activemodel (= 4.2.4)
      activesupport (= 4.2.4)
      arel (~> 6.0)
    activesupport (4.2.4)
      i18n (~> 0.7)
      json (~> 1.7, >= 1.7.7)
      minitest (~> 5.1)
      thread_safe (~> 0.3, >= 0.3.4)
      tzinfo (~> 1.1)
    ansi (1.5.0)
    arel (6.0.3)
    awesome_print (1.6.1)
    bson (1.12.3)
    bson_ext (1.12.3)
      bson (~> 1.12.3)
    builder (3.2.2)
    coercible (1.0.0)
      descendants_tracker (~> 0.0.1)
    descendants_tracker (0.0.4)
      thread_safe (~> 0.3, >= 0.3.1)
    highline (1.7.8)
    i18n (0.7.0)
    json (1.8.3)
    minitest (5.8.1)
    minitest-reporters (1.1.4)
      ansi
      builder
      minitest (>= 5.0)
      ruby-progressbar
    mongo (1.12.3)
      bson (= 1.12.3)
    mongo_ha (1.12.1)
      mongo (~> 1.10)
    mongo_mapper (0.13.1)
      activemodel (>= 3.0.0)
      activesupport (>= 3.0)
      mongo (~> 1.8)
      plucky (~> 0.6.5)
    plucky (0.6.6)
      mongo (~> 1.5)
    rake (10.4.2)
    ruby-progressbar (1.7.5)
    semantic_logger (2.15.0)
      sync_attr (~> 2.0)
      thread_safe (~> 0.1)
    sqlite3 (1.3.11)
    sync_attr (2.0.0)
    thread_safe (0.3.5)
    tzinfo (1.2.2)
      thread_safe (~> 0.1)

PLATFORMS
  ruby

DEPENDENCIES
  activerecord
  activerecord-jdbcsqlite3-adapter
  awesome_print
  bson_ext
  highline
  jdbc-sqlite3
  minitest
  minitest-reporters
  mongo_ha
  mongo_mapper
  rake
  semantic_logger
  sqlite3
  symmetric-encryption!

BUNDLED WITH
   1.10.6
